GIT
  remote: http://git.pegasus-alpha.eu/openrubyrmk/common.git
  revision: c4cc47d89f8c4bcf37cadee4d4530b0ead244e7c
  specs:
    openrubyrmk-common (0.0.1.dev)
      nokogiri

GEM
  remote: https://rubygems.org/
  specs:
    ansi (1.4.2)
    eventmachine (0.12.10)
    minitar (0.5.3)
    nokogiri (1.5.4)
    paint (0.8.5)
    ruby-tmx (0.0.1.dev)
      nokogiri
    turn (0.9.5)
      ansi

PLATFORMS
  ruby

DEPENDENCIES
  eventmachine
  minitar
  nokogiri
  openrubyrmk-common!
  paint
  ruby-tmx
  turn
