GIT
  remote: http://git.pegasus-alpha.eu/openrubyrmk/common.git
  revision: 8b7a5b037908aede7fc5170cb2999c18be41856a
  specs:
    openrubyrmk-common (0.0.1.dev)
      nokogiri

GEM
  remote: https://rubygems.org/
  specs:
    ansi (1.4.2)
    eventmachine (0.12.10)
    minitar (0.5.3)
    nokogiri (1.5.5)
    paint (0.8.5)
    ruby-tmx (0.0.1.dev)
      nokogiri
    turn (0.9.5)
      ansi

PLATFORMS
  ruby

DEPENDENCIES
  eventmachine
  minitar
  nokogiri
  openrubyrmk-common!
  paint
  ruby-tmx
  turn
