GEM
  remote: https://rubygems.org/
  specs:
    ansi (1.4.2)
    eventmachine (0.12.10)
    minitar (0.5.3)
    nokogiri (1.5.4)
    paint (0.8.5)
    ruby-tmx (0.0.1.dev)
      nokogiri
    turn (0.9.5)
      ansi

PLATFORMS
  ruby

DEPENDENCIES
  eventmachine
  minitar
  nokogiri
  paint
  ruby-tmx
  turn
