GIT
  remote: http://git.pegasus-alpha.eu/openrubyrmk/common.git
  revision: 5574ca11c6fa3f998fa2e34d86a2f5eb4cf77dee
  specs:
    openrubyrmk-common (0.0.1.dev)
      nokogiri

GEM
  remote: https://rubygems.org/
  specs:
    ansi (1.4.2)
    eventmachine (0.12.10)
    kramdown (0.13.8)
    minitar (0.5.3)
    nokogiri (1.5.5)
    paint (0.8.5)
    rake (0.9.2.2)
    ruby-tmx (0.0.1.dev)
      nokogiri
    turn (0.9.5)
      ansi

PLATFORMS
  ruby

DEPENDENCIES
  eventmachine
  kramdown
  minitar
  nokogiri
  openrubyrmk-common!
  paint
  rake
  ruby-tmx
  turn
